GIT
  remote: https://github.com/envygeeks/jekyll-assets
  revision: 056d2c88719ef3b1f90967a606dd1441581dd832
  specs:
    jekyll-assets (4.0.0.alpha)
      activesupport (>= 5, < 7)
      execjs (~> 2.7)
      extras (~> 0.2)
      fastimage (~> 2.0, >= 1.8)
      jekyll (>= 3.5, < 5.0)
      jekyll-sanity (~> 1.2)
      liquid-tag-parser (>= 1, < 3)
      nokogiri (~> 1.10)
      pathutil (~> 0.16)
      sassc (>= 1.11, < 3.0)
      sprockets (~> 4.0.beta7)

GEM
  remote: https://rubygems.org/
  specs:
    activesupport (6.1.7.6)
      concurrent-ruby (~> 1.0, >= 1.0.2)
      i18n (>= 1.6, < 2)
      minitest (>= 5.1)
      tzinfo (~> 2.0)
      zeitwerk (~> 2.3)
    addressable (2.8.4)
      public_suffix (>= 2.0.2, < 6.0)
    autoprefixer-rails (10.4.13.0)
      execjs (~> 2)
    colorator (1.1.0)
    concurrent-ruby (1.2.2)
    em-websocket (0.5.3)
      eventmachine (>= 0.12.9)
      http_parser.rb (~> 0)
    eventmachine (1.2.7)
    execjs (2.8.1)
    extras (0.3.0)
      forwardable-extended (~> 2.5)
    fastimage (2.2.7)
    ffi (1.15.5)
    forwardable-extended (2.6.0)
    http_parser.rb (0.8.0)
    i18n (1.14.1)
      concurrent-ruby (~> 1.0)
    jekyll (4.3.2)
      addressable (~> 2.4)
      colorator (~> 1.0)
      em-websocket (~> 0.5)
      i18n (~> 1.0)
      jekyll-sass-converter (>= 2.0, < 4.0)
      jekyll-watch (~> 2.0)
      kramdown (~> 2.3, >= 2.3.1)
      kramdown-parser-gfm (~> 1.0)
      liquid (~> 4.0)
      mercenary (>= 0.3.6, < 0.5)
      pathutil (~> 0.9)
      rouge (>= 3.0, < 5.0)
      safe_yaml (~> 1.0)
      terminal-table (>= 1.8, < 4.0)
      webrick (~> 1.7)
    jekyll-polyglot (1.6.0)
      jekyll (>= 4.0, >= 3.0)
    jekyll-redirect-from (0.16.0)
      jekyll (>= 3.3, < 5.0)
    jekyll-sanity (1.6.0)
      jekyll (>= 3.1, < 5.0)
      pathutil (~> 0.16)
    jekyll-sass-converter (2.1.0)
      sassc (> 2.0.1, < 3.0)
    jekyll-seo-tag (2.8.0)
      jekyll (>= 3.8, < 5.0)
    jekyll-sitemap (1.4.0)
      jekyll (>= 3.7, < 5.0)
    jekyll-watch (2.2.1)
      listen (~> 3.0)
    kramdown (2.4.0)
      rexml
    kramdown-parser-gfm (1.1.0)
      kramdown (~> 2.0)
    liquid (4.0.4)
    liquid-tag-parser (2.0.2)
      extras (~> 0.3)
      liquid (>= 3.0, < 5.0)
    listen (3.8.0)
      rb-fsevent (~> 0.10, >= 0.10.3)
      rb-inotify (~> 0.9, >= 0.9.10)
    mercenary (0.4.0)
    mini_portile2 (2.8.2)
    minitest (5.19.0)
    nokogiri (1.15.2)
      mini_portile2 (~> 2.8.2)
      racc (~> 1.4)
    pathutil (0.16.2)
      forwardable-extended (~> 2.6)
    public_suffix (5.0.1)
    racc (1.7.1)
    rack (3.0.8)
    rb-fsevent (0.11.2)
    rb-inotify (0.10.1)
      ffi (~> 1.0)
    rexml (3.2.5)
    rouge (4.1.2)
    safe_yaml (1.0.5)
    sassc (2.4.0)
      ffi (~> 1.9)
    sprockets (4.2.0)
      concurrent-ruby (~> 1.0)
      rack (>= 2.2.4, < 4)
    terminal-table (3.0.2)
      unicode-display_width (>= 1.1.1, < 3)
    tzinfo (2.0.6)
      concurrent-ruby (~> 1.0)
    unicode-display_width (2.4.2)
    webrick (1.8.1)
    zeitwerk (2.6.11)

PLATFORMS
  ruby

DEPENDENCIES
  autoprefixer-rails
  jekyll (~> 4.0)
  jekyll-assets!
  jekyll-polyglot
  jekyll-redirect-from
  jekyll-sass-converter (~> 2.1.0)
  jekyll-seo-tag
  jekyll-sitemap

RUBY VERSION
   ruby 2.7.8p225

BUNDLED WITH
   2.1.4
